GEM
  remote: https://rubygems.org/
  specs:
    amq-protocol (2.0.1)
    backports (3.6.8)
    bunny (2.2.2)
      amq-protocol (>= 2.0.1)
    byebug (8.2.2)
    daemons (1.1.8)
    eventmachine (1.0.2-x86-mingw32)
    multi_json (1.11.2)
    rack (1.6.4)
    rack-protection (1.5.3)
      rack
    rack-test (0.6.3)
      rack (>= 1.0)
    sinatra (1.4.7)
      rack (~> 1.5)
      rack-protection (~> 1.4)
      tilt (>= 1.3, < 3)
    sinatra-contrib (1.4.6)
      backports (>= 2.0)
      multi_json
      rack-protection
      rack-test
      sinatra (~> 1.4.0)
      tilt (>= 1.3, < 3)
    thin (1.6.1-x86-mingw32)
      daemons (>= 1.0.9)
      eventmachine (>= 1.0.0)
      rack (>= 1.0.0)
    tilt (2.0.2)

PLATFORMS
  x86-mingw32

DEPENDENCIES
  bunny
  byebug
  sinatra
  sinatra-contrib
  thin

BUNDLED WITH
   1.11.2
